GEM
  remote: https://rubygems.org/
  specs:
    ansi (1.5.0)
    hashie (3.6.0)
    itamae (1.10.3)
      ansi
      hashie
      schash (~> 0.1.0)
      specinfra (>= 2.64.0, < 3.0.0)
      thor
    itamae-plugin-recipe-docker (0.2.3)
      itamae (>= 1.6)
    net-scp (1.2.1)
      net-ssh (>= 2.6.5)
    net-ssh (5.1.0)
    net-telnet (0.1.1)
    schash (0.1.2)
    sfl (2.3)
    specinfra (2.76.9)
      net-scp
      net-ssh (>= 2.7)
      net-telnet (= 0.1.1)
      sfl
    thor (0.20.3)

PLATFORMS
  ruby

DEPENDENCIES
  itamae
  itamae-plugin-recipe-docker

BUNDLED WITH
   2.0.1
